GIT
  remote: git://github.com/ruby-concurrency/concurrent-ruby.git
  revision: dcac23aef188f5e86bc28de945ddeef469dbaaee
  specs:
    concurrent-ruby (0.9.0.pre1)
    concurrent-ruby-edge (0.1.0.pre1)
      concurrent-ruby (~> 0.9.0.pre1)

GEM
  remote: https://rubygems.org/
  specs:
    aws-sdk (2.0.48)
      aws-sdk-resources (= 2.0.48)
    aws-sdk-core (2.0.48)
      builder (~> 3.0)
      jmespath (~> 1.0)
      multi_json (~> 1.0)
    aws-sdk-resources (2.0.48)
      aws-sdk-core (= 2.0.48)
    builder (3.2.2)
    celluloid (0.17.0.pre15)
      bundler
      celluloid-essentials
      celluloid-extras
      celluloid-fsm
      celluloid-pool
      celluloid-supervision
      dotenv
      nenv
      rspec-logsplit (>= 0.1.2)
      timers (~> 4.0.0)
    celluloid-essentials (0.20.0.pre17)
      bundler
      dotenv
      nenv
      rspec-logsplit (>= 0.1.2)
      timers (~> 4.0.0)
    celluloid-extras (0.1.4)
      bundler
      dotenv
      nenv
      rspec-logsplit (>= 0.1.2)
      timers (~> 4.0.0)
    celluloid-fsm (0.9.0.pre13)
      bundler
      dotenv
      nenv
      rspec-logsplit (>= 0.1.2)
      timers (~> 4.0.0)
    celluloid-pool (0.11.0.pre1)
      bundler
      dotenv
      nenv
      rspec-logsplit (>= 0.1.2)
      timers (~> 4.0.0)
    celluloid-supervision (0.20.0.pre6)
      bundler
      dotenv
      nenv
      rspec-logsplit (>= 0.1.2)
      timers (~> 4.0.0)
    dotenv (2.0.1)
    hitimes (1.2.2)
    jmespath (1.0.2)
      multi_json (~> 1.0)
    multi_json (1.11.0)
    nenv (0.2.0)
    rspec-logsplit (0.1.3)
    timers (4.0.1)
      hitimes

PLATFORMS
  ruby

DEPENDENCIES
  aws-sdk
  celluloid (~> 0.17.pre15)
  concurrent-ruby!
  concurrent-ruby-edge!
